PATH
  remote: .
  specs:
    circleci (0.2.0)
      rest-client (~> 1.8)

GEM
  remote: https://rubygems.org/
  specs:
    addressable (2.3.8)
    ast (2.2.0)
    builder (3.2.2)
    coderay (1.1.0)
    coveralls (0.8.10)
      json (~> 1.8)
      rest-client (>= 1.6.8, < 2)
      simplecov (~> 0.11.0)
      term-ansicolor (~> 1.3)
      thor (~> 0.19.1)
      tins (~> 1.6.0)
    crack (0.4.3)
      safe_yaml (~> 1.0.0)
    diff-lcs (1.2.5)
    docile (1.1.5)
    domain_name (0.5.23)
      unf (>= 0.0.5, < 1.0.0)
    dotenv (2.0.2)
    ethon (0.8.0)
      ffi (>= 1.3.0)
    ffi (1.9.10)
    gemcutter (0.7.1)
    hashdiff (0.2.3)
    http-cookie (1.0.2)
      domain_name (~> 0.5)
    json (1.8.1)
    method_source (0.8.2)
    mime-types (2.4.3)
    multi_json (1.11.2)
    netrc (0.10.3)
    parser (2.3.0.6)
      ast (~> 2.2)
    powerpack (0.1.1)
    pry (0.10.3)
      coderay (~> 1.1.0)
      method_source (~> 0.8.1)
      slop (~> 3.4)
    rainbow (2.1.0)
    rake (10.4.2)
    redcarpet (3.2.2)
    rest-client (1.8.0)
      http-cookie (>= 1.0.2, < 2.0)
      mime-types (>= 1.16, < 3.0)
      netrc (~> 0.7)
    rspec (2.14.1)
      rspec-core (~> 2.14.0)
      rspec-expectations (~> 2.14.0)
      rspec-mocks (~> 2.14.0)
    rspec-core (2.14.8)
    rspec-expectations (2.14.5)
      diff-lcs (>= 1.1.3, < 2.0)
    rspec-mocks (2.14.6)
    rspec_junit_formatter (0.2.3)
      builder (< 4)
      rspec-core (>= 2, < 4, != 2.12.0)
    rubocop (0.36.0)
      parser (>= 2.3.0.0, < 3.0)
      powerpack (~> 0.1)
      rainbow (>= 1.99.1, < 3.0)
      ruby-progressbar (~> 1.7)
    ruby-progressbar (1.7.5)
    safe_yaml (1.0.4)
    simplecov (0.11.1)
      docile (~> 1.1.0)
      json (~> 1.8)
      simplecov-html (~> 0.10.0)
    simplecov-html (0.10.0)
    slop (3.6.0)
    term-ansicolor (1.3.2)
      tins (~> 1.0)
    thor (0.19.1)
    tins (1.6.0)
    typhoeus (0.8.0)
      ethon (>= 0.8.0)
    unf (0.1.4)
      unf_ext
    unf_ext (0.0.6)
    vcr (2.9.3)
    webmock (1.22.3)
      addressable (>= 2.3.6)
      crack (>= 0.3.2)
      hashdiff
    yard (0.8.7.6)

PLATFORMS
  ruby

DEPENDENCIES
  circleci!
  coveralls (~> 0.8.10)
  dotenv (~> 2.0.2)
  gemcutter (~> 0.7.1)
  multi_json (~> 1.11.2)
  pry (~> 0.10.3)
  rake (~> 10.4.2, >= 10.4.2)
  redcarpet (~> 3.2.2, >= 3.2.2)
  rspec (~> 2.14.1, >= 2.14.1)
  rspec_junit_formatter (= 0.2.3)
  rubocop (~> 0.36.0)
  simplecov (~> 0.11.0, >= 0.11.0)
  typhoeus (~> 0.8.0)
  vcr (~> 2.9.3, >= 2.9.3)
  webmock (~> 1.22.3, >= 1.22.3)
  yard (~> 0.8.7, >= 0.8.7.6)

BUNDLED WITH
   1.11.1
